GEM
  remote: http://rubygems.org/
  specs:
    diff-lcs (1.1.3)
    ffi (1.0.11)
    guard (1.0.1)
      ffi (>= 0.5.0)
      thor (~> 0.14.6)
    guard-spork (0.7.1)
      guard (>= 0.10.0)
      spork (>= 0.8.4)
    haml (3.1.4)
    r-fxxk (0.3.0)
    rack (1.4.1)
    rack-protection (1.2.0)
      rack
    rspec (2.9.0)
      rspec-core (~> 2.9.0)
      rspec-expectations (~> 2.9.0)
      rspec-mocks (~> 2.9.0)
    rspec-core (2.9.0)
    rspec-expectations (2.9.1)
      diff-lcs (~> 1.1.3)
    rspec-mocks (2.9.0)
    shotgun (0.9)
      rack (>= 1.0)
    sinatra (1.3.2)
      rack (~> 1.3, >= 1.3.6)
      rack-protection (~> 1.2)
      tilt (~> 1.3, >= 1.3.3)
    spork (0.9.0)
    thor (0.14.6)
    tilt (1.3.3)

PLATFORMS
  ruby

DEPENDENCIES
  guard
  guard-spork
  haml
  r-fxxk
  rspec
  shotgun
  sinatra
